PATH
  remote: .
  specs:
    durinst (0.1.0)
      dry-equalizer

GEM
  remote: https://rubygems.org/
  specs:
    dry-equalizer (0.2.1)
    minitest (5.11.3)
    rake (10.5.0)

PLATFORMS
  ruby

DEPENDENCIES
  bundler (~> 1.16)
  durinst!
  minitest (~> 5.0)
  rake (~> 10.0)

BUNDLED WITH
   1.16.3
